STORAGE: NONE
RESTRICTION: || (== netcoreapp3.1) (== netstandard2.0) (== netstandard2.1)
NUGET
  remote: https://api.nuget.org/v3/index.json
    Google.Protobuf (3.13) - restriction: || (== netcoreapp3.1) (&& (== netstandard2.0) (>= netcoreapp3.0)) (&& (== netstandard2.1) (>= netcoreapp3.0))
      System.Memory (>= 4.5.2)
      System.Runtime.CompilerServices.Unsafe (>= 4.5.2)
    Grpc.AspNetCore (2.32)
      Google.Protobuf (>= 3.13) - restriction: || (== netcoreapp3.1) (&& (== netstandard2.0) (>= netcoreapp3.0)) (&& (== netstandard2.1) (>= netcoreapp3.0))
      Grpc.AspNetCore.Server.ClientFactory (>= 2.32) - restriction: || (== netcoreapp3.1) (&& (== netstandard2.0) (>= netcoreapp3.0)) (&& (== netstandard2.1) (>= netcoreapp3.0))
      Grpc.Tools (>= 2.32) - restriction: || (== netcoreapp3.1) (&& (== netstandard2.0) (>= netcoreapp3.0)) (&& (== netstandard2.1) (>= netcoreapp3.0))
    Grpc.AspNetCore.Server (2.32) - restriction: || (== netcoreapp3.1) (&& (== netstandard2.0) (>= netcoreapp3.0)) (&& (== netstandard2.1) (>= netcoreapp3.0))
      Grpc.Net.Common (>= 2.32) - restriction: || (== netcoreapp3.1) (&& (== netstandard2.0) (>= netcoreapp3.0)) (&& (== netstandard2.1) (>= netcoreapp3.0))
    Grpc.AspNetCore.Server.ClientFactory (2.32) - restriction: || (== netcoreapp3.1) (&& (== netstandard2.0) (>= netcoreapp3.0)) (&& (== netstandard2.1) (>= netcoreapp3.0))
      Grpc.AspNetCore.Server (>= 2.32) - restriction: || (== netcoreapp3.1) (&& (== netstandard2.0) (>= netcoreapp3.0)) (&& (== netstandard2.1) (>= netcoreapp3.0))
      Grpc.Net.ClientFactory (>= 2.32) - restriction: || (== netcoreapp3.1) (&& (== netstandard2.0) (>= netcoreapp3.0)) (&& (== netstandard2.1) (>= netcoreapp3.0))
    Grpc.Core.Api (2.33.1) - restriction: || (== netcoreapp3.1) (&& (== netstandard2.0) (>= netcoreapp3.0)) (&& (== netstandard2.1) (>= netcoreapp3.0))
      System.Memory (>= 4.5.3)
    Grpc.Net.Client (2.32) - restriction: || (== netcoreapp3.1) (&& (== netstandard2.0) (>= netcoreapp3.0)) (&& (== netstandard2.1) (>= netcoreapp3.0))
      Grpc.Net.Common (>= 2.32) - restriction: || (== netcoreapp3.1) (&& (== netstandard2.0) (>= netstandard2.1)) (== netstandard2.1)
      Microsoft.Extensions.Logging.Abstractions (>= 3.0.3) - restriction: || (== netcoreapp3.1) (&& (== netstandard2.0) (>= netstandard2.1)) (== netstandard2.1)
      System.Diagnostics.DiagnosticSource (>= 4.5.1) - restriction: || (== netcoreapp3.1) (&& (== netstandard2.0) (>= netstandard2.1)) (== netstandard2.1)
    Grpc.Net.ClientFactory (2.32) - restriction: || (== netcoreapp3.1) (&& (== netstandard2.0) (>= netcoreapp3.0)) (&& (== netstandard2.1) (>= netcoreapp3.0))
      Grpc.Net.Client (>= 2.32) - restriction: || (== netcoreapp3.1) (&& (== netstandard2.0) (>= netstandard2.1)) (== netstandard2.1)
      Microsoft.Extensions.Http (>= 3.0.3) - restriction: || (== netcoreapp3.1) (&& (== netstandard2.0) (>= netstandard2.1)) (== netstandard2.1)
    Grpc.Net.Common (2.32) - restriction: || (== netcoreapp3.1) (&& (== netstandard2.0) (>= netcoreapp3.0)) (&& (== netstandard2.1) (>= netcoreapp3.0))
      Grpc.Core.Api (>= 2.32) - restriction: || (== netcoreapp3.1) (&& (== netstandard2.0) (>= netstandard2.1)) (== netstandard2.1)
    Grpc.Tools (2.33.1) - restriction: || (== netcoreapp3.1) (&& (== netstandard2.0) (>= netcoreapp3.0)) (&& (== netstandard2.1) (>= netcoreapp3.0))
    Microsoft.Extensions.Configuration (3.1.9) - restriction: || (== netcoreapp3.1) (&& (== netstandard2.0) (>= netcoreapp3.0)) (&& (== netstandard2.1) (>= netcoreapp3.0))
      Microsoft.Extensions.Configuration.Abstractions (>= 3.1.9)
    Microsoft.Extensions.Configuration.Abstractions (3.1.9) - restriction: || (== netcoreapp3.1) (&& (== netstandard2.0) (>= netcoreapp3.0)) (&& (== netstandard2.1) (>= netcoreapp3.0))
      Microsoft.Extensions.Primitives (>= 3.1.9)
    Microsoft.Extensions.Configuration.Binder (3.1.9) - restriction: || (== netcoreapp3.1) (&& (== netstandard2.0) (>= netcoreapp3.0)) (&& (== netstandard2.1) (>= netcoreapp3.0))
      Microsoft.Extensions.Configuration (>= 3.1.9)
    Microsoft.Extensions.DependencyInjection (3.1.9) - restriction: || (== netcoreapp3.1) (&& (== netstandard2.0) (>= netcoreapp3.0)) (&& (== netstandard2.1) (>= netcoreapp3.0))
      Microsoft.Extensions.DependencyInjection.Abstractions (>= 3.1.9)
    Microsoft.Extensions.DependencyInjection.Abstractions (3.1.9) - restriction: || (== netcoreapp3.1) (&& (== netstandard2.0) (>= netcoreapp3.0)) (&& (== netstandard2.1) (>= netcoreapp3.0))
    Microsoft.Extensions.Http (3.1.9) - restriction: || (== netcoreapp3.1) (&& (== netstandard2.0) (>= netcoreapp3.0)) (&& (== netstandard2.1) (>= netcoreapp3.0))
      Microsoft.Extensions.DependencyInjection.Abstractions (>= 3.1.9)
      Microsoft.Extensions.Logging (>= 3.1.9)
      Microsoft.Extensions.Options (>= 3.1.9)
    Microsoft.Extensions.Logging (3.1.9) - restriction: || (== netcoreapp3.1) (&& (== netstandard2.0) (>= netcoreapp3.0)) (&& (== netstandard2.1) (>= netcoreapp3.0))
      Microsoft.Extensions.Configuration.Binder (>= 3.1.9)
      Microsoft.Extensions.DependencyInjection (>= 3.1.9)
      Microsoft.Extensions.Logging.Abstractions (>= 3.1.9)
      Microsoft.Extensions.Options (>= 3.1.9)
    Microsoft.Extensions.Logging.Abstractions (3.1.9) - restriction: || (== netcoreapp3.1) (&& (== netstandard2.0) (>= netcoreapp3.0)) (&& (== netstandard2.1) (>= netcoreapp3.0))
    Microsoft.Extensions.Options (3.1.9) - restriction: || (== netcoreapp3.1) (&& (== netstandard2.0) (>= netcoreapp3.0)) (&& (== netstandard2.1) (>= netcoreapp3.0))
      Microsoft.Extensions.DependencyInjection.Abstractions (>= 3.1.9)
      Microsoft.Extensions.Primitives (>= 3.1.9)
    Microsoft.Extensions.Primitives (3.1.9) - restriction: || (== netcoreapp3.1) (&& (== netstandard2.0) (>= netcoreapp3.0)) (&& (== netstandard2.1) (>= netcoreapp3.0))
    System.Diagnostics.DiagnosticSource (4.7.1) - restriction: || (== netcoreapp3.1) (&& (== netstandard2.0) (>= netcoreapp3.0)) (&& (== netstandard2.1) (>= netcoreapp3.0))
    System.Memory (4.5.4) - restriction: || (== netcoreapp3.1) (&& (== netstandard2.0) (>= netcoreapp3.0)) (&& (== netstandard2.1) (>= netcoreapp3.0))
    System.Runtime.CompilerServices.Unsafe (4.7.1) - restriction: || (== netcoreapp3.1) (&& (== netstandard2.0) (>= netcoreapp3.0)) (&& (== netstandard2.1) (>= netcoreapp3.0))
